GEM
  remote: https://rubygems.org/
  specs:
    cinch (2.1.0)
    dalli (2.7.2)
    mime-types (2.4.3)
    mini_portile (0.6.1)
    netrc (0.8.0)
    nokogiri (1.6.4)
      mini_portile (~> 0.6.0)
    rest-client (1.7.2)
      mime-types (>= 1.16, < 3.0)
      netrc (~> 0.7)

PLATFORMS
  ruby

DEPENDENCIES
  cinch (= 2.1.0)
  dalli
  nokogiri (= 1.6.4)
  rest-client (= 1.7.2)
